PATH
  remote: .
  specs:
    dev_loop (0.0.1)
      builder (~> 3.2.2)
      rb-fsevent (~> 0.9.4)
      vlt_wrapper (~> 2.4.18)

GEM
  remote: https://rubygems.org/
  specs:
    builder (3.2.2)
    diff-lcs (1.2.5)
    rb-fsevent (0.9.4)
    rspec (2.14.1)
      rspec-core (~> 2.14.0)
      rspec-expectations (~> 2.14.0)
      rspec-mocks (~> 2.14.0)
    rspec-core (2.14.7)
    rspec-expectations (2.14.5)
      diff-lcs (>= 1.1.3, < 2.0)
    rspec-mocks (2.14.5)
    vlt_wrapper (2.4.18)

PLATFORMS
  ruby

DEPENDENCIES
  bundler (~> 1.5)
  dev_loop!
  rspec (~> 2.14.1)
